GEM
  remote: https://rubygems.org/
  specs:
    byebug (9.1.0)
    concurrent-ruby (1.0.5)
    faker (1.8.7)
      i18n (>= 0.7)
    i18n (0.9.1)
      concurrent-ruby (~> 1.0)
    json (2.0.2)

PLATFORMS
  ruby

DEPENDENCIES
  byebug
  faker
  json

RUBY VERSION
   ruby 2.4.1p111

BUNDLED WITH
   1.15.3
